GEM
  remote: http://rubygems.org/
  specs:
    facter (1.6.9)
    puppet (2.7.14)
      facter (>= 1.5.1)
    puppet-module (0.3.4)

PLATFORMS
  ruby

DEPENDENCIES
  puppet
  puppet-module
